PATH
  remote: .
  specs:
    adagio_tea_sale (0.1.0)
      nokogiri
      require_all

GEM
  remote: https://rubygems.org/
  specs:
    coderay (1.1.2)
    method_source (0.9.2)
    mini_portile2 (2.4.0)
    nokogiri (1.10.7)
      mini_portile2 (~> 2.4.0)
    pry (0.12.2)
      coderay (~> 1.1.0)
      method_source (~> 0.9.0)
    rake (13.0.1)
    require_all (3.0.0)

PLATFORMS
  ruby

DEPENDENCIES
  adagio_tea_sale!
  bundler (~> 2.0)
  pry
  rake (~> 13.0)

BUNDLED WITH
   2.0.1
